GEM
  remote: https://rubygems.org/
  specs:
    coderay (1.1.3)
    httpclient (2.8.3)
    json (2.3.1)
    method_source (1.0.0)
    mini_portile2 (2.4.0)
    nokogiri (1.10.10)
      mini_portile2 (~> 2.4.0)
    pry (0.13.1)
      coderay (~> 1.1)
      method_source (~> 1.0)
    rubyXL (3.4.14)
      nokogiri (>= 1.10.8)
      rubyzip (>= 1.3.0)
    rubyzip (2.3.0)

PLATFORMS
  ruby

DEPENDENCIES
  httpclient
  json
  pry
  rubyXL

BUNDLED WITH
   2.1.4
